GEM
  remote: http://rubygems.org/
  specs:
    dropbox-sdk (1.6.2)
      json
    json (1.8.1)
    mime-types (2.0)
    multi_json (1.8.2)
    rack (1.5.2)
    rack-protection (1.5.1)
      rack
    rest-client (1.6.7)
      mime-types (>= 1.16)
    sequel (4.3.0)
    sinatra (1.4.4)
      rack (~> 1.4)
      rack-protection (~> 1.4)
      tilt (~> 1.3, >= 1.3.4)
    stripe (1.8.8)
      multi_json (>= 1.0.4, < 2)
      rest-client (~> 1.4)
    tilt (1.4.1)

PLATFORMS
  ruby

DEPENDENCIES
  dropbox-sdk
  sequel
  sinatra
  stripe
